GEM
  remote: http://rubygems.org/
  specs:
    haml (3.0.25)
    kgio (2.6.0)
    rack (1.2.2)
    rack-rewrite (1.0.2)
    raindrops (0.8.0)
    shotgun (0.9)
      rack (>= 1.0)
    sinatra (1.2.1)
      rack (~> 1.1)
      tilt (>= 1.2.2, < 2.0)
    tilt (1.2.2)
    unicorn (4.1.1)
      kgio (~> 2.4)
      rack
      raindrops (~> 0.6)

PLATFORMS
  ruby

DEPENDENCIES
  haml
  rack-rewrite
  shotgun
  sinatra
  unicorn
